GEM
  remote: https://rubygems.org/
  specs:
    hiera-eyaml (2.1.0)
      highline (~> 1.6.19)
      trollop (~> 2.0)
    highline (1.6.21)
    rake (12.0.0)
    trollop (2.1.2)

PLATFORMS
  ruby

DEPENDENCIES
  hiera-eyaml
  rake

BUNDLED WITH
   1.13.7
